PATH
  remote: .
  specs:
    up (0.0.1)
      json (~> 2.0, >= 2.0.2)
      logger (~> 1.2, >= 1.2.8)
      sinatra (~> 1.4, >= 1.4.7)
      thin (~> 1.6, >= 1.6.4)

GEM
  remote: https://rubygems.org/
  specs:
    daemons (1.2.4)
    eventmachine (1.2.0.1)
    json (2.0.2)
    logger (1.2.8)
    rack (1.6.4)
    rack-protection (1.5.3)
      rack
    sinatra (1.4.7)
      rack (~> 1.5)
      rack-protection (~> 1.4)
      tilt (>= 1.3, < 3)
    thin (1.7.0)
      daemons (~> 1.0, >= 1.0.9)
      eventmachine (~> 1.0, >= 1.0.4)
      rack (>= 1, < 3)
    tilt (2.0.5)

PLATFORMS
  ruby

DEPENDENCIES
  up!
